GEM
  remote: https://rubygems.org/
  specs:
    diff-lcs (1.2.3)
    rake (10.0.4)
    rake-compiler (0.8.3)
      rake
    rspec (2.13.0)
      rspec-core (~> 2.13.0)
      rspec-expectations (~> 2.13.0)
      rspec-mocks (~> 2.13.0)
    rspec-core (2.13.1)
    rspec-expectations (2.13.0)
      diff-lcs (>= 1.1.3, < 2.0)
    rspec-mocks (2.13.1)
    rubygems-tasks (0.2.4)

PLATFORMS
  ruby

DEPENDENCIES
  rake (>= 0.9.2.2)
  rake-compiler (>= 0.6.0)
  rspec (>= 2.11.0)
  rubygems-tasks
